PATH
  remote: /Users/kriz/Workspace/last_fm_client
  specs:
    my_last_fm_client (0.0.0)

GEM
  remote: https://rubygems.org/
  specs:

PLATFORMS
  ruby

DEPENDENCIES
  my_last_fm_client!

BUNDLED WITH
   1.11.2
